GEM
  remote: http://rubygems.org/
  specs:
    em-hiredis (0.1.0)
      hiredis (~> 0.3.0)
    eventmachine (0.12.10)
    eventmachine_httpserver (0.2.1)
    foreman (0.22.0)
      term-ansicolor (~> 1.0.5)
      thor (>= 0.13.6)
    hiredis (0.3.2)
    rack (1.3.3)
    term-ansicolor (1.0.6)
    thor (0.14.6)

PLATFORMS
  ruby

DEPENDENCIES
  em-hiredis
  eventmachine
  eventmachine_httpserver
  foreman
  rack
